FRAMEWORK: NET452
NUGET
  remote: https://www.nuget.org/api/v2
    FSharp.Data (2.3.2)
    XmlSerializerHelper (3.0)
